GEM
  remote: https://rubygems.org/
  specs:
    diff-lcs (1.6.2)
    nio4r (2.7.4)
    puma (6.6.0)
      nio4r (~> 2.0)
    rack (3.1.16)
    rackup (2.2.1)
      rack (>= 3)
    rspec (3.13.1)
      rspec-core (~> 3.13.0)
      rspec-expectations (~> 3.13.0)
      rspec-mocks (~> 3.13.0)
    rspec-core (3.13.5)
      rspec-support (~> 3.13.0)
    rspec-expectations (3.13.5)
      diff-lcs (>= 1.2.0, < 2.0)
      rspec-support (~> 3.13.0)
    rspec-mocks (3.13.5)
      diff-lcs (>= 1.2.0, < 2.0)
      rspec-support (~> 3.13.0)
    rspec-support (3.13.4)

PLATFORMS
  arm64-darwin-23

DEPENDENCIES
  puma (~> 6.6)
  rack (~> 3.1)
  rackup (~> 2.2)
  rspec (~> 3.13)

BUNDLED WITH
   2.2.3
